GEM
  remote: https://rubygems.org/
  specs:
    eventmachine (1.2.7)
    rake (13.2.1)

PLATFORMS
  x86_64-linux

DEPENDENCIES
  eventmachine
  rake

BUNDLED WITH
   2.3.7
